GEM
  remote: https://rubygems.org/
  specs:
    backports (2.8.2)
    builder (3.1.4)
    capistrano (2.14.2)
      highline
      net-scp (>= 1.0.0)
      net-sftp (>= 2.0.0)
      net-ssh (>= 2.0.14)
      net-ssh-gateway (>= 1.1.0)
    capistrano-ext (1.2.1)
      capistrano (>= 1.0.0)
    chronic (0.9.0)
    curb (0.8.3)
    daemons (1.1.9)
    dalli (2.6.2)
    eventmachine (1.0.0)
    highline (1.6.15)
    json (1.7.7)
    mini_portile2 (2.4.0)
    net-scp (1.1.0)
      net-ssh (>= 2.6.5)
    net-sftp (2.1.1)
      net-ssh (>= 2.6.5)
    net-ssh (2.6.5)
    net-ssh-gateway (1.2.0)
      net-ssh (>= 2.6.5)
    nokogiri (1.10.4)
      mini_portile2 (~> 2.4.0)
    rack (1.6.11)
    rack-cache (1.2)
      rack (>= 0.4)
    rack-cors (1.0.3)
    rack-protection (1.5.5)
      rack
    rack-test (0.6.2)
      rack (>= 1.0)
    sinatra (1.3.4)
      rack (~> 1.4)
      rack-protection (~> 1.3)
      tilt (~> 1.3, >= 1.3.3)
    sinatra-contrib (1.3.2)
      backports (>= 2.0)
      eventmachine
      rack-protection
      rack-test
      sinatra (~> 1.3.0)
      tilt (~> 1.3)
    thin (1.5.0)
      daemons (>= 1.0.9)
      eventmachine (>= 0.12.6)
      rack (>= 1.0.0)
    tilt (1.3.3)

PLATFORMS
  ruby

DEPENDENCIES
  builder
  capistrano
  capistrano-ext
  chronic
  curb
  dalli
  json
  nokogiri
  rack (~> 1.6)
  rack-cache
  rack-cors
  sinatra
  sinatra-contrib
  thin
